GEM
  remote: https://rubygems.org/
  specs:
    builder (3.1.4)
    columnize (0.3.6)
    debugger (1.6.5)
      columnize (>= 0.3.1)
      debugger-linecache (~> 1.2.0)
      debugger-ruby_core_source (~> 1.3.1)
    debugger-linecache (1.2.0)
    debugger-ruby_core_source (1.3.1)
    json (1.8.1)

PLATFORMS
  ruby

DEPENDENCIES
  builder
  debugger
  json
